GEM
  remote: https://rubygems.org/
  specs:
    bit-struct (0.15.0)
    diff-lcs (1.2.5)
    pcaprub (0.11.3)
    rspec (2.14.1)
      rspec-core (~> 2.14.0)
      rspec-expectations (~> 2.14.0)
      rspec-mocks (~> 2.14.0)
    rspec-core (2.14.7)
    rspec-expectations (2.14.4)
      diff-lcs (>= 1.1.3, < 2.0)
    rspec-mocks (2.14.4)

PLATFORMS
  ruby

DEPENDENCIES
  bit-struct
  pcaprub
  rspec
